GEM
  remote: https://rubygems.org/
  specs:
    colorize (0.8.1)
    rake (13.0.6)
    redcarpet (3.6.0)

PLATFORMS
  ruby

DEPENDENCIES
  colorize (~> 0.8.1)
  rake
  redcarpet (~> 3.6.0)

BUNDLED WITH
   2.0.2
