GEM
  remote: https://rubygems.org/
  specs:
    colorize (1.1.0)
    rake (13.0.6)
    redcarpet (3.5.1)

PLATFORMS
  ruby

DEPENDENCIES
  colorize (~> 1.1.0)
  rake
  redcarpet (~> 3.5.1)

BUNDLED WITH
   2.0.2
